GIT
  remote: git://github.com/bmabey/database_cleaner.git
  revision: 14626296ef31b34f7704593667db1d41d81825ab
  specs:
    database_cleaner (1.7.0)

GIT
  remote: git://github.com/pokonski/public_activity.git
  revision: aff5b50ff474c9434e619c0fb0f8daa6acf47655
  specs:
    public_activity (2.0)
      actionpack (>= 3.0.0)
      activerecord (>= 3.0)
      i18n (>= 0.5.0)
      railties (>= 3.0.0)

GIT
  remote: git://github.com/sporkrb/spork-rails.git
  revision: 0dd45e59d3237b4c8f9efc215b46d9c07072a95e
  specs:
    spork-rails (4.0.0)
      rails (>= 3.0.0, < 5)
      spork (>= 1.0rc0)

GIT
  remote: git://github.com/sporkrb/spork.git
  revision: 224df492657e617a0c93c0319e78f0eefee5b636
  specs:
    spork (1.0.0rc4)

GEM
  remote: https://rubygems.org/
  specs:
    actionmailer (4.2.4)
      actionpack (= 4.2.4)
      actionview (= 4.2.4)
      activejob (= 4.2.4)
      mail (~> 2.5, >= 2.5.4)
      rails-dom-testing (~> 1.0, >= 1.0.5)
    actionpack (4.2.4)
      actionview (= 4.2.4)
      activesupport (= 4.2.4)
      rack (~> 1.6)
      rack-test (~> 0.6.2)
      rails-dom-testing (~> 1.0, >= 1.0.5)
      rails-html-sanitizer (~> 1.0, >= 1.0.2)
    actionview (4.2.4)
      activesupport (= 4.2.4)
      builder (~> 3.1)
      erubis (~> 2.7.0)
      rails-dom-testing (~> 1.0, >= 1.0.5)
      rails-html-sanitizer (~> 1.0, >= 1.0.2)
    activejob (4.2.4)
      activesupport (= 4.2.4)
      globalid (>= 0.3.0)
    activemodel (4.2.4)
      activesupport (= 4.2.4)
      builder (~> 3.1)
    activerecord (4.2.4)
      activemodel (= 4.2.4)
      activesupport (= 4.2.4)
      arel (~> 6.0)
    activesupport (4.2.4)
      i18n (~> 0.7)
      json (~> 1.7, >= 1.7.7)
      minitest (~> 5.1)
      thread_safe (~> 0.3, >= 0.3.4)
      tzinfo (~> 1.1)
    arel (6.0.4)
    aws-sdk (1.67.0)
      aws-sdk-v1 (= 1.67.0)
    aws-sdk-v1 (1.67.0)
      json (~> 1.4)
      nokogiri (~> 1)
    bcrypt (3.1.11)
    bcrypt (3.1.11-x86-mingw32)
    bcrypt-ruby (3.1.5)
      bcrypt (>= 3.1.3)
    bcrypt-ruby (3.1.5-x86-mingw32)
      bcrypt (>= 3.1.3)
    bootstrap-will_paginate (0.0.9)
      will_paginate
    builder (3.2.4)
    capybara (2.1.0)
      mime-types (>= 1.16)
      nokogiri (>= 1.3.3)
      rack (>= 1.0.0)
      rack-test (>= 0.5.4)
      xpath (~> 2.0)
    childprocess (0.3.6)
      ffi (~> 1.0, >= 1.0.6)
    climate_control (0.0.3)
      activesupport (>= 3.0)
    cocaine (0.5.8)
      climate_control (>= 0.0.3, < 1.0)
    coderay (1.1.0)
    coffee-rails (4.0.1)
      coffee-script (>= 2.2.0)
      railties (>= 4.0.0, < 5.0)
    coffee-script (2.4.1)
      coffee-script-source
      execjs
    coffee-script-source (1.8.0)
    crass (1.0.6)
    cucumber (4.1.0)
      builder (~> 3.2, >= 3.2.3)
      cucumber-core (~> 7.1, >= 7.1.0)
      cucumber-create-meta (~> 1.0.0, >= 1.0.0)
      cucumber-cucumber-expressions (~> 10.1, >= 10.1.0)
      cucumber-gherkin (~> 14.0, >= 14.0.1)
      cucumber-html-formatter (~> 7.0, >= 7.0.0)
      cucumber-messages (~> 12.2, >= 12.2.0)
      cucumber-wire (~> 3.1, >= 3.1.0)
      diff-lcs (~> 1.3, >= 1.3, < 1.4)
      multi_test (~> 0.1, >= 0.1.2)
      sys-uname (~> 1.0, >= 1.0.2)
    cucumber-core (7.1.0)
      cucumber-gherkin (~> 14.0, >= 14.0.1)
      cucumber-messages (~> 12.2, >= 12.2.0)
      cucumber-tag-expressions (~> 2.0, >= 2.0.4)
    cucumber-create-meta (1.0.0)
      cucumber-messages (~> 12.2, >= 12.2.0)
      sys-uname (~> 1.2, >= 1.2.1)
    cucumber-cucumber-expressions (10.3.0)
    cucumber-gherkin (14.2.0)
      cucumber-messages (~> 12.4, >= 12.4.0)
    cucumber-html-formatter (7.2.0)
      cucumber-messages (~> 12.4, >= 12.4.0)
    cucumber-messages (12.4.0)
      protobuf-cucumber (~> 3.10, >= 3.10.8)
    cucumber-rails (1.3.0)
      capybara (>= 1.1.2)
      cucumber (>= 1.1.8)
      nokogiri (>= 1.5.0)
    cucumber-tag-expressions (2.0.4)
    cucumber-wire (3.1.0)
      cucumber-core (~> 7.1, >= 7.1.0)
      cucumber-cucumber-expressions (~> 10.1, >= 10.1.0)
      cucumber-messages (~> 12.2, >= 12.2.0)
    delayed_job (4.1.1)
      activesupport (>= 3.0, < 5.0)
    delayed_job_active_record (4.1.0)
      activerecord (>= 3.0, < 5)
      delayed_job (>= 3.0, < 5)
    delayed_paperclip (2.9.1)
      paperclip (>= 3.3)
    diff-lcs (1.3)
    erubis (2.7.0)
    execjs (2.7.0)
    factory_girl (4.2.0)
      activesupport (>= 3.0.0)
    factory_girl_rails (4.2.0)
      factory_girl (~> 4.2.0)
      railties (>= 3.0.0)
    faker (1.1.2)
      i18n (~> 0.5)
    ffi (1.9.10)
    ffi (1.9.10-x86-mingw32)
    font_assets (0.1.12)
      rack
    formatador (0.2.5)
    globalid (0.4.2)
      activesupport (>= 4.2.0)
    growl (1.0.3)
    guard (2.13.0)
      formatador (>= 0.2.4)
      listen (>= 2.7, <= 4.0)
      lumberjack (~> 1.0)
      nenv (~> 0.1)
      notiffany (~> 0.0)
      pry (>= 0.9.12)
      shellany (~> 0.0)
      thor (>= 0.18.1)
    guard-compat (1.2.1)
    guard-rails (0.7.2)
      guard (~> 2.11)
      guard-compat (~> 1.0)
    guard-rspec (4.6.4)
      guard (~> 2.1)
      guard-compat (~> 1.1)
      rspec (>= 2.99.0, < 4.0)
    guard-spork (2.1.0)
      childprocess (>= 0.2.3)
      guard (~> 2.0)
      guard-compat (~> 1.0)
      spork (>= 0.8.4)
    hike (1.2.3)
    i18n (0.7.0)
    jbuilder (1.0.2)
      activesupport (>= 3.0.0)
    jquery-rails (3.0.4)
      railties (>= 3.0, < 5.0)
      thor (>= 0.14, < 2.0)
    jquery-ui-rails (6.0.1)
      railties (>= 3.2.16)
    json (1.8.6)
    lazyload-rails (0.5.0)
      nokogiri (~> 1.5)
    libv8 (3.16.14.19)
    listen (3.0.5)
      rb-fsevent (>= 0.9.3)
      rb-inotify (>= 0.9)
    loofah (2.8.0)
      crass (~> 1.0.2)
      nokogiri (>= 1.5.9)
    lumberjack (1.0.10)
    mail (2.7.1)
      mini_mime (>= 0.1.1)
    mail_form (1.7.1)
      actionmailer (>= 3.2, < 6)
      activemodel (>= 3.2, < 6)
    method_source (0.8.2)
    middleware (0.1.0)
    mime-types (3.3.1)
      mime-types-data (~> 3.2015)
    mime-types-data (3.2020.1104)
    mimemagic (0.3.0)
    mini_mime (1.0.2)
    mini_portile2 (2.4.0)
    minitest (5.14.2)
    multi_json (1.15.0)
    multi_test (0.1.2)
    nenv (0.2.0)
    newrelic_rpm (3.14.2.312)
    nokogiri (1.10.10)
      mini_portile2 (~> 2.4.0)
    nokogiri (1.10.10-x86-mingw32)
      mini_portile2 (~> 2.4.0)
    notiffany (0.0.8)
      nenv (~> 0.1)
      shellany (~> 0.0)
    paperclip (4.3.2)
      activemodel (>= 3.2.0)
      activesupport (>= 3.2.0)
      cocaine (~> 0.5.5)
      mime-types
      mimemagic (= 0.3.0)
    pg (0.18.4)
    pg (0.18.4-x86-mingw32)
    protobuf-cucumber (3.10.8)
      activesupport (>= 3.2)
      middleware
      thor
      thread_safe
    pry (0.10.3)
      coderay (~> 1.1.0)
      method_source (~> 0.8.1)
      slop (~> 3.4)
    puma (2.15.3)
    rack (1.6.13)
    rack-test (0.6.3)
      rack (>= 1.0)
    rails (4.2.4)
      actionmailer (= 4.2.4)
      actionpack (= 4.2.4)
      actionview (= 4.2.4)
      activejob (= 4.2.4)
      activemodel (= 4.2.4)
      activerecord (= 4.2.4)
      activesupport (= 4.2.4)
      bundler (>= 1.3.0, < 2.0)
      railties (= 4.2.4)
      sprockets-rails
    rails-deprecated_sanitizer (1.0.3)
      activesupport (>= 4.2.0.alpha)
    rails-dom-testing (1.0.9)
      activesupport (>= 4.2.0, < 5.0)
      nokogiri (~> 1.6)
      rails-deprecated_sanitizer (>= 1.0.1)
    rails-html-sanitizer (1.3.0)
      loofah (~> 2.3)
    rails4-autocomplete (1.1.1)
      rails (>= 3.0)
    rails_autolink (1.1.6)
      rails (> 3.1)
    railties (4.2.4)
      actionpack (= 4.2.4)
      activesupport (= 4.2.4)
      rake (>= 0.8.7)
      thor (>= 0.18.1, < 2.0)
    rake (13.0.3)
    rb-fsevent (0.9.7)
    rb-inotify (0.9.5)
      ffi (>= 0.5.0)
    rdoc (3.12.2)
      json (~> 1.4)
    ref (2.0.0)
    responders (2.4.1)
      actionpack (>= 4.2.0, < 6.0)
      railties (>= 4.2.0, < 6.0)
    rmagick (2.16.0)
    rspec (3.3.0)
      rspec-core (~> 3.3.0)
      rspec-expectations (~> 3.3.0)
      rspec-mocks (~> 3.3.0)
    rspec-core (3.3.2)
      rspec-support (~> 3.3.0)
    rspec-expectations (3.3.1)
      diff-lcs (>= 1.2.0, < 2.0)
      rspec-support (~> 3.3.0)
    rspec-mocks (3.3.2)
      diff-lcs (>= 1.2.0, < 2.0)
      rspec-support (~> 3.3.0)
    rspec-rails (3.3.2)
      actionpack (>= 3.0, < 4.3)
      activesupport (>= 3.0, < 4.3)
      railties (>= 3.0, < 4.3)
      rspec-core (~> 3.3.0)
      rspec-expectations (~> 3.3.0)
      rspec-mocks (~> 3.3.0)
      rspec-support (~> 3.3.0)
    rspec-support (3.3.0)
    sass (3.4.25)
    sass-rails (4.0.1)
      railties (>= 4.0.0, < 5.0)
      sass (>= 3.1.10)
      sprockets-rails (~> 2.0.0)
    sdoc (0.3.20)
      json (>= 1.1.3)
      rdoc (~> 3.10)
    shellany (0.0.1)
    slop (3.6.0)
    social-share-button (0.1.5)
    sprockets (2.12.5)
      hike (~> 1.2)
      multi_json (~> 1.0)
      rack (~> 1.0)
      tilt (~> 1.1, != 1.3.0)
    sprockets-rails (2.0.1)
      actionpack (>= 3.0)
      activesupport (>= 3.0)
      sprockets (~> 2.8)
    sqlite3 (1.3.13)
    sqlite3 (1.3.13-x86-mingw32)
    sys-uname (1.2.2)
      ffi (~> 1.1)
    therubyracer (0.12.3)
      libv8 (~> 3.16.14.15)
      ref
    thor (1.0.1)
    thread_safe (0.3.6)
    tilt (1.4.1)
    turbolinks (5.0.1)
      turbolinks-source (~> 5)
    turbolinks-source (5.0.0)
    tzinfo (1.2.9)
      thread_safe (~> 0.1)
    tzinfo-data (1.2015.7)
      tzinfo (>= 1.0.0)
    uglifier (2.1.1)
      execjs (>= 0.3.0)
      multi_json (~> 1.0, >= 1.0.2)
    will_paginate (3.0.4)
    xpath (2.1.0)
      nokogiri (~> 1.3)

PLATFORMS
  ruby
  x86-mingw32

DEPENDENCIES
  aws-sdk (>= 1.66.0, < 2.0)
  bcrypt-ruby (= 3.1.5)
  bootstrap-will_paginate (= 0.0.9)
  capybara (= 2.1.0)
  childprocess (= 0.3.6)
  coffee-rails (= 4.0.1)
  coffee-script-source (= 1.8.0)
  cucumber-rails (= 1.3.0)
  database_cleaner!
  delayed_job_active_record
  delayed_paperclip
  factory_girl_rails (= 4.2.0)
  faker (= 1.1.2)
  font_assets
  growl (= 1.0.3)
  guard-rails (= 0.7.2)
  guard-rspec
  guard-spork (= 2.1.0)
  i18n (~> 0.7.0)
  jbuilder (= 1.0.2)
  jquery-rails (= 3.0.4)
  jquery-ui-rails (>= 5.0.5)
  lazyload-rails (>= 0.3.1)
  mail_form (>= 1.6.0)
  newrelic_rpm
  paperclip (~> 4.2)
  pg (~> 0.18)
  public_activity!
  puma
  rails (= 4.2.4)
  rails4-autocomplete (>= 1.1.1)
  rails_autolink (>= 1.1.6)
  responders (~> 2.1, >= 2.1.1)
  rmagick (= 2.16.0)
  rspec-rails (= 3.3.2)
  sass-rails (= 4.0.1)
  sdoc (= 0.3.20)
  social-share-button (= 0.1.5)
  spork!
  spork-rails!
  sprockets (~> 2.12.5)
  sqlite3 (= 1.3.13)
  therubyracer
  turbolinks (~> 5)
  tzinfo-data
  uglifier (= 2.1.1)
  will_paginate (= 3.0.4)

BUNDLED WITH
   1.17.3
